GEM
  remote: http://www.rubygems.org/
  specs:
    ffi (1.9.10)
    gosu (0.9.2)
    libusb (0.5.0)
      ffi (>= 1.0)
    ruby_buzz (0.0.3)

PLATFORMS
  ruby

DEPENDENCIES
  gosu (= 0.9.2)
  libusb (= 0.5.0)
  ruby_buzz (= 0.0.3)
