GEM
  remote: http://www.rubygems.org/
  specs:
    gosu (0.9.2)

PLATFORMS
  ruby

DEPENDENCIES
  gosu (= 0.9.2)

BUNDLED WITH
   1.10.5
